PATH
  remote: .
  specs:
    loader (0.0.1)
      passenger

GEM
  remote: http://rubygems.org/
  specs:
    daemon_controller (0.2.6)
    fastthread (1.0.7)
    passenger (3.0.9)
      daemon_controller (>= 0.2.5)
      fastthread (>= 1.0.1)
      rack
      rake (>= 0.8.1)
    rack (1.3.5)
    rake (0.9.2.2)

PLATFORMS
  ruby

DEPENDENCIES
  loader!
